PATH
  remote: .
  specs:
    datastructures (0.3.0)
      bsearch
      rake

GEM
  remote: https://rubygems.org/
  specs:
    activesupport (3.2.11)
      i18n (~> 0.6)
      multi_json (~> 1.0)
    ansi (1.4.3)
    bsearch (1.5.0)
    colorize (0.5.8)
    coveralls (0.6.7)
      colorize
      multi_json (~> 1.3)
      rest-client
      simplecov (>= 0.7)
      thor
    i18n (0.6.5)
    mime-types (1.23)
    multi_json (1.7.7)
    rake (11.1.2)
    rest-client (1.6.7)
      mime-types (>= 1.16)
    shoulda (3.5.0)
      shoulda-context (~> 1.0, >= 1.0.1)
      shoulda-matchers (>= 1.4.1, < 3.0)
    shoulda-context (1.1.5)
    shoulda-matchers (2.3.0)
      activesupport (>= 3.0.0)
    simplecov (0.7.1)
      multi_json (~> 1.0)
      simplecov-html (~> 0.7.1)
    simplecov-html (0.7.1)
    test-unit (2.1.5.0)
    thor (0.16.0)
    turn (0.9.6)
      ansi

PLATFORMS
  ruby

DEPENDENCIES
  coveralls (~> 0.6.7)
  datastructures!
  shoulda
  simplecov
  test-unit
  turn

BUNDLED WITH
   1.10.5
